PATH
  remote: .
  specs:
    cql-rb (1.1.1)

GEM
  remote: https://rubygems.org/
  specs:
    alf (0.10.1)
      highline (~> 1.6.2)
      myrrha (~> 1.2.1)
      quickl (~> 0.4.1)
    coderay (1.0.8)
    colorize (0.5.8)
    coveralls (0.6.7)
      colorize
      multi_json (~> 1.3)
      rest-client
      simplecov (>= 0.7)
      thor
    diff-lcs (1.2.4)
    gnuplot (2.3.6)
    hashr (0.0.22)
    highline (1.6.15)
    json (1.7.6)
    json (1.7.6-java)
    method_source (0.8.1)
    mime-types (1.23)
    multi_json (1.7.7)
    myrrha (1.2.2)
    perftools.rb (2.0.1)
    pry (0.9.10)
      coderay (~> 1.0.5)
      method_source (~> 0.8)
      slop (~> 3.3.1)
    pry (0.9.10-java)
      coderay (~> 1.0.5)
      method_source (~> 0.8)
      slop (~> 3.3.1)
      spoon (~> 0.0)
    quickl (0.4.3)
    rake (10.0.2)
    redcarpet (2.2.2)
    rest-client (1.6.7)
      mime-types (>= 1.16)
    rspec (2.14.1)
      rspec-core (~> 2.14.0)
      rspec-expectations (~> 2.14.0)
      rspec-mocks (~> 2.14.0)
    rspec-core (2.14.5)
    rspec-expectations (2.14.2)
      diff-lcs (>= 1.1.3, < 2.0)
    rspec-mocks (2.14.3)
    simplecov (0.7.1)
      multi_json (~> 1.0)
      simplecov-html (~> 0.7.1)
    simplecov-html (0.7.1)
    slop (3.3.3)
    snappy (0.0.10)
    snappy (0.0.10-java)
      snappy-jars (~> 1.1.0)
    snappy-jars (1.1.0.1.2-java)
    spoon (0.0.1)
    thor (0.18.1)
    travis-lint (1.7.0)
      hashr (~> 0.0.22)
    viiite (0.2.0)
      alf (~> 0.10.1)
      gnuplot (~> 2.3.6)
      json
    yard (0.8.4.1)

PLATFORMS
  java
  ruby

DEPENDENCIES
  coveralls
  cql-rb!
  perftools.rb
  pry
  rake
  redcarpet
  rspec
  simplecov
  snappy
  travis-lint
  viiite
  yard
